PATH
  remote: .
  specs:
    jbuilder_cache_multi (0.1.0)
      jbuilder (>= 1.5.0, < 3)

GEM
  remote: https://rubygems.org/
  specs:
    activesupport (5.2.4.4)
      concurrent-ruby (~> 1.0, >= 1.0.2)
      i18n (>= 0.7, < 2)
      minitest (~> 5.1)
      tzinfo (~> 1.1)
    appraisal (2.2.0)
      bundler
      rake
      thor (>= 0.14.0)
    concurrent-ruby (1.1.7)
    i18n (1.5.1)
      concurrent-ruby (~> 1.0)
    jbuilder (2.10.1)
      activesupport (>= 5.0.0)
    minitest (5.14.2)
    mocha (1.11.2)
    power_assert (1.2.0)
    rake (13.0.1)
    test-unit (3.3.6)
      power_assert
    thor (1.0.1)
    thread_safe (0.3.6)
    tzinfo (1.2.7)
      thread_safe (~> 0.1)

PLATFORMS
  ruby

DEPENDENCIES
  appraisal
  jbuilder_cache_multi!
  mocha
  rake
  test-unit

BUNDLED WITH
   1.17.3
